GEM
  specs:
    minitest (5.14.4)

PLATFORMS
  x64-mingw32

DEPENDENCIES
  minitest

BUNDLED WITH
   2.1.4
